PATH
  remote: .
  specs:
    ramen-rails (0.0.8)
      activesupport (~> 4.0)

GEM
  remote: https://rubygems.org/
  specs:
    actionpack (4.0.13)
      activesupport (= 4.0.13)
      builder (~> 3.1.0)
      erubis (~> 2.7.0)
      rack (~> 1.5.2)
      rack-test (~> 0.6.2)
    activesupport (4.0.13)
      i18n (~> 0.6, >= 0.6.9)
      minitest (~> 4.2)
      multi_json (~> 1.3)
      thread_safe (~> 0.1)
      tzinfo (~> 0.3.37)
    builder (3.1.4)
    diff-lcs (1.2.5)
    erubis (2.7.0)
    hashie (3.4.0)
    i18n (0.7.0)
    minitest (4.7.5)
    multi_json (1.11.0)
    rack (1.5.2)
    rack-test (0.6.3)
      rack (>= 1.0)
    rake (10.4.2)
    rspec (3.2.0)
      rspec-core (~> 3.2.0)
      rspec-expectations (~> 3.2.0)
      rspec-mocks (~> 3.2.0)
    rspec-core (3.2.2)
      rspec-support (~> 3.2.0)
    rspec-expectations (3.2.0)
      diff-lcs (>= 1.2.0, < 2.0)
      rspec-support (~> 3.2.0)
    rspec-mocks (3.2.1)
      diff-lcs (>= 1.2.0, < 2.0)
      rspec-support (~> 3.2.0)
    rspec-support (3.2.2)
    thread_safe (0.3.5)
    timecop (0.7.3)
    tzinfo (0.3.43)

PLATFORMS
  ruby

DEPENDENCIES
  actionpack (~> 4.0)
  hashie (~> 3.4)
  rake (~> 10.4)
  ramen-rails!
  rspec (~> 3.2)
  timecop (~> 0.7)
